PATH
  remote: .
  specs:
    ssh-tunnel (1.0.0)
      activesupport (>= 4.2)
      gettext
      gtk3
      subprocess

GEM
  remote: https://rubygems.org/
  specs:
    activesupport (6.0.1)
      concurrent-ruby (~> 1.0, >= 1.0.2)
      i18n (>= 0.7, < 2)
      minitest (~> 5.1)
      tzinfo (~> 1.1)
      zeitwerk (~> 2.2)
    ast (2.4.0)
    atk (3.4.1)
      glib2 (= 3.4.1)
    cairo (1.16.4)
      native-package-installer (>= 1.0.3)
      pkg-config (>= 1.2.2)
    cairo-gobject (3.4.1)
      cairo (>= 1.16.2)
      glib2 (= 3.4.1)
    coderay (1.1.2)
    concurrent-ruby (1.1.5)
    diff-lcs (1.3)
    docile (1.3.2)
    factory_bot (5.1.1)
      activesupport (>= 4.2.0)
    gdk3 (3.4.1)
      cairo-gobject (= 3.4.1)
      gdk_pixbuf2 (= 3.4.1)
      pango (= 3.4.1)
    gdk_pixbuf2 (3.4.1)
      gio2 (= 3.4.1)
    gettext (3.2.9)
      locale (>= 2.0.5)
      text (>= 1.3.0)
    gio2 (3.4.1)
      gobject-introspection (= 3.4.1)
    glib2 (3.4.1)
      native-package-installer (>= 1.0.3)
      pkg-config (>= 1.3.5)
    gobject-introspection (3.4.1)
      glib2 (= 3.4.1)
    gtk3 (3.4.1)
      atk (= 3.4.1)
      gdk3 (= 3.4.1)
      gdk_pixbuf2 (= 3.4.1)
      gio2 (= 3.4.1)
      pango (= 3.4.1)
    i18n (1.7.0)
      concurrent-ruby (~> 1.0)
    jaro_winkler (1.5.4)
    json (2.2.0)
    locale (2.1.2)
    method_source (0.9.2)
    minitest (5.13.0)
    native-package-installer (1.0.8)
    pango (3.4.1)
      cairo-gobject (= 3.4.1)
      gobject-introspection (= 3.4.1)
    parallel (1.19.1)
    parser (2.6.5.0)
      ast (~> 2.4.0)
    pkg-config (1.4.0)
    pry (0.12.2)
      coderay (~> 1.1.0)
      method_source (~> 0.9.0)
    rainbow (3.0.0)
    rake (13.0.1)
    rspec (3.9.0)
      rspec-core (~> 3.9.0)
      rspec-expectations (~> 3.9.0)
      rspec-mocks (~> 3.9.0)
    rspec-core (3.9.0)
      rspec-support (~> 3.9.0)
    rspec-expectations (3.9.0)
      diff-lcs (>= 1.2.0, < 2.0)
      rspec-support (~> 3.9.0)
    rspec-mocks (3.9.0)
      diff-lcs (>= 1.2.0, < 2.0)
      rspec-support (~> 3.9.0)
    rspec-support (3.9.0)
    rubocop (0.76.0)
      jaro_winkler (~> 1.5.1)
      parallel (~> 1.10)
      parser (>= 2.6)
      rainbow (>= 2.2.2, < 4.0)
      ruby-progressbar (~> 1.7)
      unicode-display_width (>= 1.4.0, < 1.7)
    ruby-progressbar (1.10.1)
    simplecov (0.17.1)
      docile (~> 1.1)
      json (>= 1.8, < 3)
      simplecov-html (~> 0.10.0)
    simplecov-html (0.10.2)
    subprocess (1.3.2)
    text (1.3.1)
    thread_safe (0.3.6)
    tzinfo (1.2.5)
      thread_safe (~> 0.1)
    unicode-display_width (1.6.0)
    zeitwerk (2.2.1)

PLATFORMS
  ruby

DEPENDENCIES
  factory_bot
  pry
  rake
  rspec
  rubocop
  simplecov
  ssh-tunnel!

BUNDLED WITH
   2.0.2
