PATH
  remote: .
  specs:
    ssh-tunnel (1.0.0)
      activesupport (>= 5.2)
      gtk3
      i18n
      subprocess
      zeitwerk

GEM
  remote: https://rubygems.org/
  specs:
    activesupport (6.1.0)
      concurrent-ruby (~> 1.0, >= 1.0.2)
      i18n (>= 1.6, < 2)
      minitest (>= 5.1)
      tzinfo (~> 2.0)
      zeitwerk (~> 2.3)
    ast (2.4.1)
    atk (3.4.3)
      glib2 (= 3.4.3)
    cairo (1.16.6)
      native-package-installer (>= 1.0.3)
      pkg-config (>= 1.2.2)
    cairo-gobject (3.4.3)
      cairo (>= 1.16.2)
      glib2 (= 3.4.3)
    coderay (1.1.3)
    concurrent-ruby (1.1.7)
    diff-lcs (1.4.4)
    docile (1.3.2)
    factory_bot (6.1.0)
      activesupport (>= 5.0.0)
    gdk3 (3.4.3)
      cairo-gobject (= 3.4.3)
      gdk_pixbuf2 (= 3.4.3)
      pango (= 3.4.3)
    gdk_pixbuf2 (3.4.3)
      gio2 (= 3.4.3)
    gio2 (3.4.3)
      gobject-introspection (= 3.4.3)
    glib2 (3.4.3)
      native-package-installer (>= 1.0.3)
      pkg-config (>= 1.3.5)
    gobject-introspection (3.4.3)
      glib2 (= 3.4.3)
    gtk3 (3.4.3)
      atk (= 3.4.3)
      gdk3 (= 3.4.3)
      gdk_pixbuf2 (= 3.4.3)
      gio2 (= 3.4.3)
      pango (= 3.4.3)
    i18n (1.8.5)
      concurrent-ruby (~> 1.0)
    json (2.3.1)
    method_source (1.0.0)
    minitest (5.14.2)
    native-package-installer (1.0.9)
    pango (3.4.3)
      cairo-gobject (= 3.4.3)
      gobject-introspection (= 3.4.3)
    parallel (1.20.1)
    parser (2.7.2.0)
      ast (~> 2.4.1)
    pkg-config (1.4.4)
    pry (0.13.1)
      coderay (~> 1.1)
      method_source (~> 1.0)
    rainbow (3.0.0)
    rake (13.0.1)
    regexp_parser (2.0.0)
    rexml (3.2.4)
    rspec (3.10.0)
      rspec-core (~> 3.10.0)
      rspec-expectations (~> 3.10.0)
      rspec-mocks (~> 3.10.0)
    rspec-core (3.10.0)
      rspec-support (~> 3.10.0)
    rspec-expectations (3.10.0)
      diff-lcs (>= 1.2.0, < 2.0)
      rspec-support (~> 3.10.0)
    rspec-mocks (3.10.0)
      diff-lcs (>= 1.2.0, < 2.0)
      rspec-support (~> 3.10.0)
    rspec-support (3.10.0)
    rubocop (1.6.1)
      parallel (~> 1.10)
      parser (>= 2.7.1.5)
      rainbow (>= 2.2.2, < 4.0)
      regexp_parser (>= 1.8, < 3.0)
      rexml
      rubocop-ast (>= 1.2.0, < 2.0)
      ruby-progressbar (~> 1.7)
      unicode-display_width (>= 1.4.0, < 2.0)
    rubocop-ast (1.3.0)
      parser (>= 2.7.1.5)
    ruby-progressbar (1.10.1)
    simplecov (0.17.1)
      docile (~> 1.1)
      json (>= 1.8, < 3)
      simplecov-html (~> 0.10.0)
    simplecov-html (0.10.2)
    subprocess (1.5.3)
    tzinfo (2.0.3)
      concurrent-ruby (~> 1.0)
    unicode-display_width (1.7.0)
    zeitwerk (2.4.2)

PLATFORMS
  ruby

DEPENDENCIES
  factory_bot
  pry
  rake
  rspec
  rubocop
  simplecov (~> 0.17.1)
  ssh-tunnel!

BUNDLED WITH
   2.1.4
