PATH
  remote: .
  specs:
    ssh-tunnel (1.0.0)
      activemodel (>= 7.0)
      activesupport (>= 7.0)
      gtk3
      i18n
      subprocess
      zeitwerk

GEM
  remote: https://rubygems.org/
  specs:
    activemodel (8.0.1)
      activesupport (= 8.0.1)
    activesupport (8.0.1)
      base64
      benchmark (>= 0.3)
      bigdecimal
      concurrent-ruby (~> 1.0, >= 1.3.1)
      connection_pool (>= 2.2.5)
      drb
      i18n (>= 1.6, < 2)
      logger (>= 1.4.2)
      minitest (>= 5.1)
      securerandom (>= 0.3)
      tzinfo (~> 2.0, >= 2.0.5)
      uri (>= 0.13.1)
    ast (2.4.2)
    atk (4.2.7)
      glib2 (= 4.2.7)
    base64 (0.2.0)
    benchmark (0.4.0)
    bigdecimal (3.1.9)
    cairo (1.17.14)
      native-package-installer (>= 1.0.3)
      pkg-config (>= 1.2.2)
      red-colors
    cairo-gobject (4.2.7)
      cairo (>= 1.16.2)
      glib2 (= 4.2.7)
    coderay (1.1.3)
    concurrent-ruby (1.3.5)
    connection_pool (2.5.0)
    diff-lcs (1.5.1)
    docile (1.4.1)
    drb (2.2.1)
    factory_bot (6.5.0)
      activesupport (>= 5.0.0)
    fiddle (1.1.6)
    gdk3 (4.2.7)
      cairo-gobject (= 4.2.7)
      gdk_pixbuf2 (= 4.2.7)
      pango (= 4.2.7)
    gdk_pixbuf2 (4.2.7)
      gio2 (= 4.2.7)
    gio2 (4.2.7)
      fiddle
      gobject-introspection (= 4.2.7)
    glib2 (4.2.7)
      native-package-installer (>= 1.0.3)
      pkg-config (>= 1.3.5)
    gobject-introspection (4.2.7)
      glib2 (= 4.2.7)
    gtk3 (4.2.7)
      atk (= 4.2.7)
      gdk3 (= 4.2.7)
    i18n (1.14.7)
      concurrent-ruby (~> 1.0)
    json (2.9.1)
    language_server-protocol (3.17.0.4)
    logger (1.6.5)
    matrix (0.4.2)
    method_source (1.1.0)
    minitest (5.25.4)
    native-package-installer (1.1.9)
    pango (4.2.7)
      cairo-gobject (= 4.2.7)
      gobject-introspection (= 4.2.7)
    parallel (1.26.3)
    parser (3.3.7.0)
      ast (~> 2.4.1)
      racc
    pkg-config (1.5.9)
    pry (0.15.2)
      coderay (~> 1.1)
      method_source (~> 1.0)
    racc (1.8.1)
    rainbow (3.1.1)
    rake (13.2.1)
    red-colors (0.4.0)
      json
      matrix
    regexp_parser (2.10.0)
    rspec (3.13.0)
      rspec-core (~> 3.13.0)
      rspec-expectations (~> 3.13.0)
      rspec-mocks (~> 3.13.0)
    rspec-core (3.13.2)
      rspec-support (~> 3.13.0)
    rspec-expectations (3.13.3)
      diff-lcs (>= 1.2.0, < 2.0)
      rspec-support (~> 3.13.0)
    rspec-mocks (3.13.2)
      diff-lcs (>= 1.2.0, < 2.0)
      rspec-support (~> 3.13.0)
    rspec-support (3.13.2)
    rubocop (1.71.0)
      json (~> 2.3)
      language_server-protocol (>= 3.17.0)
      parallel (~> 1.10)
      parser (>= 3.3.0.2)
      rainbow (>= 2.2.2, < 4.0)
      regexp_parser (>= 2.9.3, < 3.0)
      rubocop-ast (>= 1.36.2, < 2.0)
      ruby-progressbar (~> 1.7)
      unicode-display_width (>= 2.4.0, < 4.0)
    rubocop-ast (1.38.0)
      parser (>= 3.3.1.0)
    rubocop-rake (0.6.0)
      rubocop (~> 1.0)
    rubocop-rspec (3.4.0)
      rubocop (~> 1.61)
    ruby-progressbar (1.13.0)
    securerandom (0.4.1)
    simplecov (0.22.0)
      docile (~> 1.1)
      simplecov-html (~> 0.11)
      simplecov_json_formatter (~> 0.1)
    simplecov-html (0.13.1)
    simplecov_json_formatter (0.1.4)
    subprocess (1.5.7)
    tzinfo (2.0.6)
      concurrent-ruby (~> 1.0)
    unicode-display_width (3.1.4)
      unicode-emoji (~> 4.0, >= 4.0.4)
    unicode-emoji (4.0.4)
    uri (1.0.2)
    zeitwerk (2.7.1)

PLATFORMS
  arm64-darwin-23
  ruby

DEPENDENCIES
  factory_bot
  pry
  rake
  rspec
  rubocop
  rubocop-rake
  rubocop-rspec
  simplecov
  ssh-tunnel!

BUNDLED WITH
   2.6.3
