PATH
  remote: .
  specs:
    ssh-tunnel (1.0.0)
      activesupport (>= 4.2)
      gettext
      gtk3
      subprocess

GEM
  remote: https://rubygems.org/
  specs:
    activesupport (5.2.3)
      concurrent-ruby (~> 1.0, >= 1.0.2)
      i18n (>= 0.7, < 2)
      minitest (~> 5.1)
      tzinfo (~> 1.1)
    atk (3.3.6)
      glib2 (= 3.3.6)
    cairo (1.16.4)
      native-package-installer (>= 1.0.3)
      pkg-config (>= 1.2.2)
    cairo-gobject (3.3.6)
      cairo (>= 1.16.2)
      glib2 (= 3.3.6)
    coderay (1.1.2)
    concurrent-ruby (1.1.5)
    diff-lcs (1.3)
    docile (1.3.1)
    factory_bot (5.0.2)
      activesupport (>= 4.2.0)
    gdk3 (3.3.6)
      cairo-gobject (= 3.3.6)
      gdk_pixbuf2 (= 3.3.6)
      pango (= 3.3.6)
    gdk_pixbuf2 (3.3.6)
      gio2 (= 3.3.6)
    gettext (3.2.9)
      locale (>= 2.0.5)
      text (>= 1.3.0)
    gio2 (3.3.6)
      gobject-introspection (= 3.3.6)
    glib2 (3.3.6)
      native-package-installer (>= 1.0.3)
      pkg-config (>= 1.3.5)
    gobject-introspection (3.3.6)
      glib2 (= 3.3.6)
    gtk3 (3.3.6)
      atk (= 3.3.6)
      gdk3 (= 3.3.6)
      gdk_pixbuf2 (= 3.3.6)
      gio2 (= 3.3.6)
      pango (= 3.3.6)
    i18n (1.6.0)
      concurrent-ruby (~> 1.0)
    json (2.2.0)
    locale (2.1.2)
    method_source (0.9.2)
    minitest (5.11.3)
    native-package-installer (1.0.7)
    pango (3.3.6)
      cairo-gobject (= 3.3.6)
      gobject-introspection (= 3.3.6)
    pkg-config (1.3.7)
    pry (0.12.2)
      coderay (~> 1.1.0)
      method_source (~> 0.9.0)
    rake (12.3.2)
    rspec (3.8.0)
      rspec-core (~> 3.8.0)
      rspec-expectations (~> 3.8.0)
      rspec-mocks (~> 3.8.0)
    rspec-core (3.8.0)
      rspec-support (~> 3.8.0)
    rspec-expectations (3.8.3)
      diff-lcs (>= 1.2.0, < 2.0)
      rspec-support (~> 3.8.0)
    rspec-mocks (3.8.0)
      diff-lcs (>= 1.2.0, < 2.0)
      rspec-support (~> 3.8.0)
    rspec-support (3.8.0)
    simplecov (0.16.1)
      docile (~> 1.1)
      json (>= 1.8, < 3)
      simplecov-html (~> 0.10.0)
    simplecov-html (0.10.2)
    subprocess (1.3.2)
    text (1.3.1)
    thread_safe (0.3.6)
    tzinfo (1.2.5)
      thread_safe (~> 0.1)

PLATFORMS
  ruby

DEPENDENCIES
  factory_bot
  pry
  rake
  rspec
  simplecov
  ssh-tunnel!

BUNDLED WITH
   2.0.1
